GEM
  remote: https://rubygems.org/
  specs:
    rack (1.6.4)
    rack-test (0.6.3)
      rack (>= 1.0)
    rspec-core (3.8.2)
      rspec-support (~> 3.8.0)
    rspec-support (3.8.2)

PLATFORMS
  ruby

DEPENDENCIES
  rack
  rack-test
  rspec-core

BUNDLED WITH
   1.17.3
